GEM
  remote: https://rubygems.org/
  specs:
    artii (2.1.2)
    awesome_print (1.8.0)
    coderay (1.1.2)
    domain_name (0.5.20190701)
      unf (>= 0.0.5, < 1.0.0)
    eu_central_bank (1.1.3)
      money (~> 6.9.0)
      nokogiri (>= 1.6.3, < 2.0)
    faraday (0.13.1)
      multipart-post (>= 1.2, < 3)
    forecast_io (2.0.1)
      faraday
      hashie
      multi_json
    geocoder (1.4.5)
    hashie (3.5.7)
    http-cookie (1.0.5)
      domain_name (~> 0.5)
    i18n (0.8.6)
    json (2.6.2)
    method_source (0.9.0)
    mime-types (3.4.1)
      mime-types-data (~> 3.2015)
    mime-types-data (3.2022.0105)
    mini_portile2 (2.8.0)
    money (6.9.0)
      i18n (>= 0.6.4, < 0.9)
    multi_json (1.12.2)
    multipart-post (2.0.0)
    netrc (0.11.0)
    nokogiri (1.13.9)
      mini_portile2 (~> 2.8.0)
      racc (~> 1.4)
    pry (0.11.3)
      coderay (~> 1.1.0)
      method_source (~> 0.9.0)
    racc (1.6.0)
    rest-client (2.0.2)
      http-cookie (>= 1.0.2, < 2.0)
      mime-types (>= 1.16, < 4.0)
      netrc (~> 0.8)
    stock_quote (3.0.0)
      json
      rest-client (~> 2.0.2)
    unf (0.1.4)
      unf_ext
    unf_ext (0.0.8.2)

PLATFORMS
  ruby

DEPENDENCIES
  artii
  awesome_print
  eu_central_bank
  forecast_io
  geocoder
  pry
  stock_quote

BUNDLED WITH
   1.16.0
